PATH
  remote: .
  specs:
    gbro_teemill (0.0.4)

GEM
  remote: https://rubygems.org/
  specs:
    ansi (1.5.0)
    builder (3.2.4)
    colorize (0.8.1)
    docile (1.4.0)
    json (1.8.6)
    minitest (5.16.3)
    minitest-reporters (1.5.0)
      ansi
      builder
      minitest (>= 5.0)
      ruby-progressbar
    minitest-silence (0.2.4)
      minitest (~> 5.12)
    openssl (3.0.1)
    rake (13.0.6)
    rexml (3.2.5)
    ruby-progressbar (1.11.0)
    simplecov (0.21.2)
      docile (~> 1.1)
      simplecov-html (~> 0.11)
      simplecov_json_formatter (~> 0.1)
    simplecov-cobertura (2.1.0)
      rexml
      simplecov (~> 0.19)
    simplecov-html (0.12.3)
    simplecov_json_formatter (0.1.4)
    spy (1.0.3)

PLATFORMS
  ruby
  x86_64-linux

DEPENDENCIES
  colorize (~> 0.8.1)
  gbro_teemill!
  json (~> 1.0)
  minitest (~> 5.0)
  minitest-reporters
  minitest-silence
  openssl (~> 3.0, >= 3.0.1)
  rake (~> 13.0)
  simplecov
  simplecov-cobertura
  spy

BUNDLED WITH
   2.3.24
