PATH
  remote: .
  specs:
    gbro_teemill (0.0.4)

GEM
  remote: https://rubygems.org/
  specs:
    ansi (1.5.0)
    builder (3.2.4)
    colorize (0.8.1)
    json (1.8.6)
    minitest (5.16.3)
    minitest-reporters (1.5.0)
      ansi
      builder
      minitest (>= 5.0)
      ruby-progressbar
    openssl (3.0.1)
    rake (13.0.6)
    ruby-progressbar (1.11.0)
    spy (1.0.3)

PLATFORMS
  x86_64-linux

DEPENDENCIES
  colorize (~> 0.8.1)
  gbro_teemill!
  json (~> 1.0)
  minitest (~> 5.0)
  minitest-reporters
  openssl (~> 3.0, >= 3.0.1)
  rake (~> 13.0)
  spy

BUNDLED WITH
   2.3.24
